GEM
  remote: http://rubygems.org/
  specs:
    actionpack (2.3.2)
      activesupport (= 2.3.2)
    activesupport (2.3.2)
    coffee-script (2.2.0)
      coffee-script-source
      execjs
    coffee-script-source (1.4.0)
    daemons (1.1.9)
    eventmachine (1.0.0)
    execjs (1.4.0)
      multi_json (~> 1.0)
    haml (4.0.0)
      tilt
    multi_json (1.6.1)
    rack (1.5.2)
    rack-protection (1.3.2)
      rack
    shotgun (0.9)
      rack (>= 1.0)
    sinatra (1.3.4)
      rack (~> 1.4)
      rack-protection (~> 1.3)
      tilt (~> 1.3, >= 1.3.3)
    sinatra-authorization (1.0.0)
      sinatra (>= 0.9.1.1)
    sqlite3 (1.3.7)
    thin (1.5.0)
      daemons (>= 1.0.9)
      eventmachine (>= 0.12.6)
      rack (>= 1.0.0)
    tilt (1.3.3)
    vegas (0.1.11)
      rack (>= 1.0.0)

PLATFORMS
  ruby

DEPENDENCIES
  actionpack
  coffee-script
  haml
  shotgun
  sinatra
  sinatra-authorization
  sqlite3
  thin
  vegas
